GEM
  remote: https://rubygems.org/
  specs:
    activemodel (6.0.3.4)
      activesupport (= 6.0.3.4)
    activesupport (6.0.3.4)
      concurrent-ruby (~> 1.0, >= 1.0.2)
      i18n (>= 0.7, < 2)
      minitest (~> 5.1)
      tzinfo (~> 1.1)
      zeitwerk (~> 2.2, >= 2.2.2)
    addressable (2.7.0)
      public_suffix (>= 2.0.2, < 5.0)
    builder (3.2.4)
    carrierwave (2.1.0)
      activemodel (>= 5.0.0)
      activesupport (>= 5.0.0)
      addressable (~> 2.6)
      image_processing (~> 1.1)
      mimemagic (>= 0.3.0)
      mini_mime (>= 0.1.3)
    colorator (1.1.0)
    concurrent-ruby (1.1.7)
    em-websocket (0.5.2)
      eventmachine (>= 0.12.9)
      http_parser.rb (~> 0.6.0)
    eventmachine (1.2.7-x64-mingw32)
    excon (0.78.1)
    ffi (1.13.1-x64-mingw32)
    fog-aws (3.7.0)
      fog-core (~> 2.1)
      fog-json (~> 1.1)
      fog-xml (~> 0.1)
      ipaddress (~> 0.8)
    fog-core (2.2.3)
      builder
      excon (~> 0.71)
      formatador (~> 0.2)
      mime-types
    fog-json (1.2.0)
      fog-core
      multi_json (~> 1.10)
    fog-xml (0.1.3)
      fog-core
      nokogiri (>= 1.5.11, < 2.0.0)
    formatador (0.2.5)
    forwardable-extended (2.6.0)
    http_parser.rb (0.6.0)
    i18n (1.8.5)
      concurrent-ruby (~> 1.0)
    image_processing (1.12.1)
      mini_magick (>= 4.9.5, < 5)
      ruby-vips (>= 2.0.17, < 3)
    ipaddress (0.8.3)
    jekyll (4.1.1)
      addressable (~> 2.4)
      colorator (~> 1.0)
      em-websocket (~> 0.5)
      i18n (~> 1.0)
      jekyll-sass-converter (~> 2.0)
      jekyll-watch (~> 2.0)
      kramdown (~> 2.1)
      kramdown-parser-gfm (~> 1.0)
      liquid (~> 4.0)
      mercenary (~> 0.4.0)
      pathutil (~> 0.9)
      rouge (~> 3.0)
      safe_yaml (~> 1.0)
      terminal-table (~> 1.8)
    jekyll-feed (0.15.1)
      jekyll (>= 3.7, < 5.0)
    jekyll-paginate (1.1.0)
    jekyll-sass-converter (2.1.0)
      sassc (> 2.0.1, < 3.0)
    jekyll-seo-tag (2.7.1)
      jekyll (>= 3.8, < 5.0)
    jekyll-sitemap (1.4.0)
      jekyll (>= 3.7, < 5.0)
    jekyll-watch (2.2.1)
      listen (~> 3.0)
    kramdown (2.3.0)
      rexml
    kramdown-parser-gfm (1.1.0)
      kramdown (~> 2.0)
    liquid (4.0.3)
    listen (3.3.3)
      rb-fsevent (~> 0.10, >= 0.10.3)
      rb-inotify (~> 0.9, >= 0.9.10)
    mercenary (0.4.0)
    mime-types (3.3.1)
      mime-types-data (~> 3.2015)
    mime-types-data (3.2020.1104)
    mimemagic (0.3.5)
    mini_magick (4.11.0)
    mini_mime (1.0.2)
    mini_portile2 (2.4.0)
    minima (2.5.1)
      jekyll (>= 3.5, < 5.0)
      jekyll-feed (~> 0.9)
      jekyll-seo-tag (~> 2.1)
    minitest (5.14.2)
    multi_json (1.15.0)
    nokogiri (1.10.10-x64-mingw32)
      mini_portile2 (~> 2.4.0)
    pathutil (0.16.2)
      forwardable-extended (~> 2.6)
    public_suffix (4.0.6)
    rb-fsevent (0.10.4)
    rb-inotify (0.10.1)
      ffi (~> 1.0)
    rexml (3.2.4)
    rouge (3.25.0)
    ruby-vips (2.0.17)
      ffi (~> 1.9)
    safe_yaml (1.0.5)
    sassc (2.4.0-x64-mingw32)
      ffi (~> 1.9)
    sitemap_generator (6.1.2)
      builder (~> 3.0)
    terminal-table (1.8.0)
      unicode-display_width (~> 1.1, >= 1.1.1)
    thread_safe (0.3.6)
    tzinfo (1.2.8)
      thread_safe (~> 0.1)
    tzinfo-data (1.2020.4)
      tzinfo (>= 1.0.0)
    unicode-display_width (1.7.0)
    wdm (0.1.1)
    zeitwerk (2.4.2)

PLATFORMS
  x64-mingw32

DEPENDENCIES
  carrierwave
  fog-aws
  jekyll (~> 4.1.1)
  jekyll-feed (~> 0.12)
  jekyll-paginate
  jekyll-sitemap
  minima (~> 2.5)
  sitemap_generator
  tzinfo (~> 1.2)
  tzinfo-data
  wdm (~> 0.1.1)

BUNDLED WITH
   2.1.4
